GEM
  specs:
    syslog-logger (1.6.8)

PLATFORMS
  ruby

DEPENDENCIES
  syslog-logger (~> 1.6.8)
